GEM
  remote: https://rubygems.org/
  specs:
    dotenv (0.11.1)
      dotenv-deployment (~> 0.0.2)
    dotenv-deployment (0.0.2)
    httpi (2.1.0)
      rack
      rubyntlm (~> 0.3.2)
    json (1.8.1)
    mail (2.6.0)
      mime-types (>= 1.16, < 3)
    mandrill (0.0.4)
      httpi
      json
    mime-types (2.3)
    rack (1.5.2)
    rack-protection (1.5.3)
      rack
    rubyntlm (0.3.4)
    sinatra (1.4.5)
      rack (~> 1.4)
      rack-protection (~> 1.4)
      tilt (~> 1.3, >= 1.3.4)
    tilt (1.4.1)

PLATFORMS
  ruby

DEPENDENCIES
  dotenv
  mail
  mandrill
  sinatra
